GEM
  remote: https://rubygems.org/
  specs:
    activemodel (3.2.22)
      activesupport (= 3.2.22)
      builder (~> 3.0.0)
    activerecord (3.2.22)
      activemodel (= 3.2.22)
      activesupport (= 3.2.22)
      arel (~> 3.0.2)
      tzinfo (~> 0.3.29)
    activesupport (3.2.22)
      i18n (~> 0.6, >= 0.6.4)
      multi_json (~> 1.0)
    arel (3.0.3)
    backports (3.6.6)
    builder (3.0.4)
    chronic (0.10.2)
    git (1.2.9.1)
    haml (4.0.7)
      tilt
    http_router (0.11.2)
      rack (>= 1.0.0)
      url_mount (~> 0.2.1)
    i18n (0.6.11)
    json (1.8.3)
    mail (2.6.3)
      mime-types (>= 1.16, < 3)
    mime-types (1.25.1)
    multi_json (1.11.2)
    mysql2 (0.3.20-x86-mingw32)
    padrino (0.9.15)
      padrino-admin (= 0.9.15)
      padrino-core (= 0.9.15)
      padrino-gen (= 0.9.15)
      padrino-helpers (= 0.9.15)
      padrino-mailer (= 0.9.15)
    padrino-admin (0.9.15)
      padrino-core (= 0.9.15)
      padrino-gen (= 0.9.15)
      padrino-helpers (= 0.9.15)
    padrino-core (0.9.15)
      activesupport (>= 2.3.8)
      http_router (>= 0.3.13)
      sinatra (>= 1.0.0)
      thor (>= 0.13.0)
    padrino-gen (0.9.15)
      bundler (>= 1.0.0.rc.2)
      git
      padrino-core (= 0.9.15)
    padrino-helpers (0.9.15)
      i18n (>= 0.4.1)
      padrino-core (= 0.9.15)
    padrino-mailer (0.9.15)
      mail (>= 2.2.0)
      padrino-core (= 0.9.15)
    rack (1.5.5)
    rack-mobile-detect (0.4.0)
      rack
    rack-protection (1.5.3)
      rack
    rack-test (0.6.3)
      rack (>= 1.0)
    rake (10.4.2)
    rinku (1.7.3)
    sinatra (1.4.6)
      rack (~> 1.4)
      rack-protection (~> 1.4)
      tilt (>= 1.3, < 3)
    sinatra-activerecord (0.1.3)
      sinatra (>= 0.9.4)
    sinatra-contrib (1.4.6)
      backports (>= 2.0)
      multi_json
      rack-protection
      rack-test
      sinatra (~> 1.4.0)
      tilt (>= 1.3, < 3)
    sinatra-cross_origin (0.3.2)
    sinatra-default_charset (0.2.0)
      sinatra (>= 1.0)
    sinatra-jsonp (0.4.4)
      multi_json (~> 1.8)
      sinatra (~> 1.0)
    sinatra_more (0.3.43)
      activesupport
      bundler (>= 0.9.2)
      sinatra (>= 0.9.2)
      thor (>= 0.11.8)
      tilt (>= 0.2)
    sqlite3 (1.3.11-x86-mingw32)
    thor (0.19.1)
    tilt (2.0.1)
    tzinfo (0.3.46)
    url_mount (0.2.1)
      rack

PLATFORMS
  x86-mingw32

DEPENDENCIES
  activerecord (~> 3.0)
  chronic
  haml
  i18n (~> 0.6.0)
  json
  mime-types (~> 1.0)
  mysql2 (~> 0.3.10)
  padrino
  rack (~> 1.5.0)
  rack-mobile-detect
  rake
  rinku
  sinatra
  sinatra-activerecord
  sinatra-contrib
  sinatra-cross_origin
  sinatra-default_charset
  sinatra-jsonp
  sinatra_more
  sqlite3

BUNDLED WITH
   1.11.2
