GEM
  remote: https://rubygems.org/
  specs:
    activerecord (2.3.18)
      activesupport (= 2.3.18)
    activerecord-mysql2-adapter (0.0.3)
      mysql2
    activesupport (2.3.18)
    backports (3.6.6)
    json (1.8.3)
    multi_json (1.11.2)
    mysql2 (0.4.1-x86-mingw32)
    rack (1.6.4)
    rack-mobile-detect (0.4.0)
      rack
    rack-protection (1.5.3)
      rack
    rack-test (0.6.3)
      rack (>= 1.0)
    rake (10.4.2)
    rinku (1.7.3)
    sinatra (1.4.6)
      rack (~> 1.4)
      rack-protection (~> 1.4)
      tilt (>= 1.3, < 3)
    sinatra-activerecord (0.1.3)
      sinatra (>= 0.9.4)
    sinatra-contrib (1.4.6)
      backports (>= 2.0)
      multi_json
      rack-protection
      rack-test
      sinatra (~> 1.4.0)
      tilt (>= 1.3, < 3)
    sinatra-cross_origin (0.3.2)
    sinatra-default_charset (0.2.0)
      sinatra (>= 1.0)
    sinatra-jsonp (0.4.4)
      multi_json (~> 1.8)
      sinatra (~> 1.0)
    sqlite3 (1.3.11-x86-mingw32)
    tilt (2.0.1)

PLATFORMS
  x86-mingw32

DEPENDENCIES
  activerecord (~> 2.3.18)
  activerecord-mysql2-adapter
  json
  rack-mobile-detect
  rake
  rinku
  sinatra
  sinatra-activerecord
  sinatra-contrib
  sinatra-cross_origin
  sinatra-default_charset
  sinatra-jsonp
  sqlite3

BUNDLED WITH
   1.10.6
